GIT
  remote: git://github.com/bbatsov/rubocop.git
  revision: 6c571166e87ca487a17e491fb06fc0aba5ebc128
  specs:
    rubocop (0.18.1)
      json (>= 1.7.7, < 2)
      parser (~> 2.1.3)
      powerpack (~> 0.0.6)
      rainbow (>= 1.99.1, < 3.0)

PATH
  remote: .
  specs:
    nanoc (3.7.0)
      cri (~> 2.3)

GEM
  remote: https://rubygems.org/
  specs:
    RedCloth (4.2.9)
    adsf (1.2.0)
      rack (>= 1.0.0)
    ast (1.1.0)
    bluecloth (2.2.0)
    builder (3.2.2)
    celluloid (0.15.2)
      timers (~> 1.1.0)
    chunky_png (1.2.9)
    coderay (1.1.0)
    coffee-script (2.2.0)
      coffee-script-source
      execjs
    coffee-script-source (1.7.0)
    colored (1.2)
    commonjs (0.2.7)
    compass (0.12.2)
      chunky_png (~> 1.2)
      fssm (>= 0.2.7)
      sass (~> 3.1)
    coveralls (0.7.0)
      multi_json (~> 1.3)
      rest-client
      simplecov (>= 0.7)
      term-ansicolor
      thor
    cri (2.4.1)
      colored (>= 1.2)
    docile (1.1.3)
    erubis (2.7.0)
    excon (0.31.0)
    execjs (2.0.2)
    ffi (1.9.3)
    fog (1.20.0)
      builder
      excon (~> 0.31.0)
      formatador (~> 0.2.0)
      mime-types
      multi_json (~> 1.0)
      net-scp (~> 1.1)
      net-ssh (>= 2.1.3)
      nokogiri (>= 1.5.11)
    formatador (0.2.4)
    fssm (0.2.10)
    haml (4.0.5)
      tilt
    handlebars (0.6.0)
      handlebars-source (~> 1.3.0)
      therubyracer (~> 0.12.0)
    handlebars-source (1.3.0)
    json (1.8.1)
    kramdown (1.3.1)
    less (2.4.0)
      commonjs (~> 0.2.7)
    libv8 (3.16.14.3)
    listen (2.4.1)
      celluloid (>= 0.15.2)
      rb-fsevent (>= 0.9.3)
      rb-inotify (>= 0.9)
    markaby (0.8.0)
      builder
    maruku (0.7.1)
    metaclass (0.0.2)
    method_source (0.8.2)
    mime-types (1.25.1)
    minitest (4.7.5)
    mocha (1.0.0)
      metaclass (~> 0.0.1)
    multi_json (1.8.4)
    mustache (0.99.5)
    net-scp (1.1.2)
      net-ssh (>= 2.6.5)
    net-ssh (2.8.0)
    nokogiri (1.5.11)
    pandoc-ruby (0.7.5)
    parser (2.1.4)
      ast (~> 1.1)
      slop (~> 3.4, >= 3.4.5)
    posix-spawn (0.3.8)
    powerpack (0.0.9)
    pry (0.9.12.6)
      coderay (~> 1.0)
      method_source (~> 0.8)
      slop (~> 3.4)
    pygments.rb (0.5.4)
      posix-spawn (~> 0.3.6)
      yajl-ruby (~> 1.1.0)
    rack (1.5.2)
    rainbow (1.99.2)
    rainpress (1.0)
    rake (10.1.1)
    rb-fsevent (0.9.4)
    rb-inotify (0.9.3)
      ffi (>= 0.5.0)
    rdiscount (2.1.7)
    rdoc (4.1.1)
      json (~> 1.4)
    redcarpet (2.3.0)
    ref (1.0.5)
    rest-client (1.6.7)
      mime-types (>= 1.16)
    rubypants (0.2.0)
    sass (3.2.14)
    simplecov (0.8.2)
      docile (~> 1.1.0)
      multi_json
      simplecov-html (~> 0.8.0)
    simplecov-html (0.8.0)
    slim (2.0.2)
      temple (~> 0.6.6)
      tilt (>= 1.3.3, < 2.1)
    slop (3.4.7)
    systemu (2.6.0)
    temple (0.6.7)
    term-ansicolor (1.3.0)
      tins (~> 1.0)
    therubyracer (0.12.1)
      libv8 (~> 3.16.14.0)
      ref
    thor (0.18.1)
    tilt (2.0.0)
    timers (1.1.0)
    tins (1.0.0)
    typogruby (1.0.16)
      rubypants
    uglifier (2.4.0)
      execjs (>= 0.3.0)
      json (>= 1.8.0)
    w3c_validators (1.2)
      json
      nokogiri
    yajl-ruby (1.1.0)
    yard (0.8.7.3)
    yuicompressor (1.3.2)

PLATFORMS
  ruby

DEPENDENCIES
  RedCloth
  adsf
  bluecloth
  builder
  coderay
  coffee-script
  compass
  coveralls
  erubis
  fog
  haml
  handlebars
  kramdown
  less (~> 2.0)
  listen
  markaby
  maruku
  mime-types (< 2.0)
  minitest (~> 4.0)
  mocha
  mustache
  nanoc!
  nokogiri (~> 1.5.5)
  pandoc-ruby
  pry
  pygments.rb
  rack
  rainbow (< 2.0)
  rainpress
  rake
  rdiscount
  rdoc
  redcarpet (< 3.0)
  rubocop!
  rubypants
  sass (~> 3.2.2)
  slim
  systemu
  typogruby
  uglifier
  w3c_validators
  yard
  yuicompressor
