PATH
  remote: .
  specs:
    nanoc (3.2.0b1)
      cri (~> 2.0)

GEM
  remote: http://rubygems.org/
  specs:
    RedCloth (4.2.7)
    bluecloth (2.1.0)
    builder (3.0.0)
    coderay (0.9.8)
    cri (2.0.0)
    erubis (2.7.0)
    execjs (1.2.0)
      multi_json (~> 1.0)
    haml (3.1.2)
    kramdown (0.13.3)
    less (2.0.5)
      therubyracer (~> 0.9.2)
    libv8 (3.3.10.2)
    maruku (0.6.0)
      syntax (>= 1.0.0)
    mime-types (1.16)
    mocha (0.9.12)
    multi_json (1.0.3)
    mustache (0.99.4)
    nokogiri (1.5.0)
    rack (1.3.0)
    rainpress (1.0)
    rdiscount (1.6.8)
    redcarpet (1.17.2)
    rubypants (0.2.0)
    sass (3.1.4)
    slim (0.9.4)
      temple (~> 0.3.0)
      tilt (~> 1.2)
    syntax (1.0.0)
    systemu (2.2.0)
    temple (0.3.2)
    therubyracer (0.9.2)
      libv8 (~> 3.3.10)
    tilt (1.3.2)
    typogruby (1.0.12)
      rubypants
    uglifier (1.0.0)
      execjs (>= 0.3.0)
      multi_json (>= 1.0.2)
    w3c_validators (1.1.1)
      nokogiri
    yard (0.7.2)

PLATFORMS
  ruby

DEPENDENCIES
  RedCloth
  bluecloth
  builder
  coderay
  erubis
  haml
  kramdown
  less
  maruku
  mime-types
  mocha
  mustache
  nanoc!
  nokogiri
  rack
  rainpress
  rdiscount
  redcarpet
  rubypants
  sass
  slim
  systemu
  tilt
  typogruby
  uglifier
  w3c_validators
  yard
