PATH
  remote: .
  specs:
    nanoc (3.7.1)
      cri (~> 2.3)

GEM
  remote: https://rubygems.org/
  specs:
    RedCloth (4.2.9)
    addressable (2.3.6)
    adsf (1.2.0)
      rack (>= 1.0.0)
    ast (2.0.0)
    bluecloth (2.2.0)
    builder (3.2.2)
    celluloid (0.15.2)
      timers (~> 1.1.0)
    chunky_png (1.3.1)
    coderay (1.1.0)
    coffee-script (2.2.0)
      coffee-script-source
      execjs
    coffee-script-source (1.7.0)
    colored (1.2)
    commonjs (0.2.7)
    compass (0.12.6)
      chunky_png (~> 1.2)
      fssm (>= 0.2.7)
      sass (~> 3.2.19)
    coveralls (0.7.0)
      multi_json (~> 1.3)
      rest-client
      simplecov (>= 0.7)
      term-ansicolor
      thor
    crack (0.4.2)
      safe_yaml (~> 1.0.0)
    cri (2.6.1)
      colored (~> 1.2)
    docile (1.1.3)
    erubis (2.7.0)
    excon (0.36.0)
    execjs (2.2.0)
    ffi (1.9.3)
    fog (1.22.1)
      fog-brightbox
      fog-core (~> 1.22)
      fog-json
      ipaddress (~> 0.5)
      nokogiri (~> 1.5, >= 1.5.11)
    fog-brightbox (0.0.2)
      fog-core
      fog-json
    fog-core (1.22.0)
      builder
      excon (~> 0.33)
      formatador (~> 0.2)
      mime-types
      net-scp (~> 1.1)
      net-ssh (>= 2.1.3)
    fog-json (1.0.0)
      multi_json (~> 1.0)
    formatador (0.2.5)
    fssm (0.2.10)
    haml (4.0.5)
      tilt
    handlebars (0.6.0)
      handlebars-source (~> 1.3.0)
      therubyracer (~> 0.12.0)
    handlebars-source (1.3.0)
    ipaddress (0.8.0)
    json (1.8.1)
    kramdown (1.3.3)
    less (2.6.0)
      commonjs (~> 0.2.7)
    libv8 (3.16.14.3)
    listen (2.7.7)
      celluloid (>= 0.15.2)
      rb-fsevent (>= 0.9.3)
      rb-inotify (>= 0.9)
    markaby (0.8.0)
      builder
    maruku (0.7.2)
    metaclass (0.0.4)
    method_source (0.8.2)
    mime-types (2.3)
    mini_portile (0.6.0)
    minitest (4.7.5)
    mocha (1.1.0)
      metaclass (~> 0.0.1)
    multi_json (1.10.1)
    mustache (0.99.5)
    net-scp (1.2.1)
      net-ssh (>= 2.6.5)
    net-ssh (2.9.1)
    nokogiri (1.6.2.1)
      mini_portile (= 0.6.0)
    pandoc-ruby (0.7.5)
    parser (2.1.9)
      ast (>= 1.1, < 3.0)
      slop (~> 3.4, >= 3.4.5)
    posix-spawn (0.3.8)
    powerpack (0.0.9)
    pry (0.9.12.6)
      coderay (~> 1.0)
      method_source (~> 0.8)
      slop (~> 3.4)
    pygments.rb (0.5.4)
      posix-spawn (~> 0.3.6)
      yajl-ruby (~> 1.1.0)
    rack (1.5.2)
    rainbow (2.0.0)
    rainpress (1.0)
    rake (10.3.2)
    rb-fsevent (0.9.4)
    rb-inotify (0.9.5)
      ffi (>= 0.5.0)
    rdiscount (2.1.7.1)
    rdoc (4.1.1)
      json (~> 1.4)
    redcarpet (3.1.2)
    ref (1.0.5)
    rest-client (1.6.7)
      mime-types (>= 1.16)
    rouge (1.4.0)
    rubocop (0.23.0)
      json (>= 1.7.7, < 2)
      parser (~> 2.1.9)
      powerpack (~> 0.0.6)
      rainbow (>= 1.99.1, < 3.0)
      ruby-progressbar (~> 1.4)
    ruby-progressbar (1.5.1)
    rubypants (0.2.0)
    safe_yaml (1.0.3)
    sass (3.2.19)
    simplecov (0.8.2)
      docile (~> 1.1.0)
      multi_json
      simplecov-html (~> 0.8.0)
    simplecov-html (0.8.0)
    slim (2.0.2)
      temple (~> 0.6.6)
      tilt (>= 1.3.3, < 2.1)
    slop (3.5.0)
    temple (0.6.7)
    term-ansicolor (1.3.0)
      tins (~> 1.0)
    therubyracer (0.12.1)
      libv8 (~> 3.16.14.0)
      ref
    thor (0.19.1)
    tilt (2.0.1)
    timers (1.1.0)
    tins (1.3.0)
    typogruby (1.0.16)
      rubypants
    uglifier (2.5.0)
      execjs (>= 0.3.0)
      json (>= 1.8.0)
    vcr (2.9.2)
    w3c_validators (1.2)
      json
      nokogiri
    webmock (1.18.0)
      addressable (>= 2.3.6)
      crack (>= 0.3.2)
    yajl-ruby (1.1.0)
    yard (0.8.7.4)
    yuicompressor (1.3.3)

PLATFORMS
  ruby

DEPENDENCIES
  RedCloth
  adsf
  bluecloth
  builder
  bundler (~> 1.5)
  coderay
  coffee-script
  compass
  coveralls
  erubis
  fog
  haml
  handlebars
  kramdown
  less (~> 2.0)
  listen
  markaby
  maruku
  mime-types
  minitest (~> 4.0)
  mocha
  mustache
  nanoc!
  nokogiri (~> 1.6)
  pandoc-ruby
  pry
  pygments.rb
  rack
  rainpress
  rake
  rdiscount
  rdoc
  redcarpet
  rouge
  rubocop
  rubypants
  sass (~> 3.2.2)
  slim
  typogruby
  uglifier
  vcr
  w3c_validators
  webmock
  yard
  yuicompressor
