PATH
  remote: .
  specs:
    nanoc (3.5.0)
      cri (~> 2.2)

GEM
  remote: http://rubygems.org/
  specs:
    RedCloth (4.2.9)
    adsf (1.1.1)
      rack (>= 1.0.0)
    bluecloth (2.2.0)
    builder (3.1.4)
    coderay (1.0.8)
    coffee-script (2.2.0)
      coffee-script-source
      execjs
    coffee-script-source (1.3.3)
    colored (1.2)
    commonjs (0.2.6)
    cri (2.3.0)
      colored (>= 1.2)
    erubis (2.7.0)
    excon (0.16.7)
    execjs (1.4.0)
      multi_json (~> 1.0)
    fog (1.6.0)
      builder
      excon (~> 0.14)
      formatador (~> 0.2.0)
      mime-types
      multi_json (~> 1.0)
      net-scp (~> 1.0.4)
      net-ssh (>= 2.1.3)
      nokogiri (~> 1.5.0)
      ruby-hmac
    formatador (0.2.3)
    haml (3.1.7)
    json (1.7.5)
    kramdown (0.14.0)
    less (2.2.2)
      commonjs (~> 0.2.6)
    listen (0.4.7)
      rb-fchange (~> 0.0.5)
      rb-fsevent (~> 0.9.1)
      rb-inotify (~> 0.8.8)
    markaby (0.7.2)
      builder (>= 2.0.0)
    maruku (0.6.1)
      syntax (>= 1.0.0)
    metaclass (0.0.1)
    mime-types (1.19)
    minitest (4.1.0)
    mocha (0.12.7)
      metaclass (~> 0.0.1)
    multi_json (1.3.6)
    mustache (0.99.4)
    net-scp (1.0.4)
      net-ssh (>= 1.99.1)
    net-ssh (2.6.1)
    nokogiri (1.5.5)
    posix-spawn (0.3.6)
    pygments.rb (0.3.2)
      posix-spawn (~> 0.3.6)
      yajl-ruby (~> 1.1.0)
    rack (1.4.1)
    rainpress (1.0)
    rake (0.9.2.2)
    rb-fchange (0.0.5)
      ffi
    rb-fsevent (0.9.1)
    rb-inotify (0.8.8)
      ffi (>= 0.5.0)
    rdiscount (1.6.8)
    rdoc (3.12)
      json (~> 1.4)
    redcarpet (2.2.2)
    ruby-hmac (0.4.0)
    rubypants (0.2.0)
    sass (3.2.1)
    slim (1.3.3)
      temple (~> 0.5.5)
      tilt (~> 1.3.3)
    syntax (1.0.0)
    systemu (2.5.2)
    temple (0.5.5)
    tilt (1.3.3)
    typogruby (1.0.15)
      rubypants
    uglifier (1.3.0)
      execjs (>= 0.3.0)
      multi_json (~> 1.0, >= 1.0.2)
    w3c_validators (1.2)
      json
      nokogiri
    yajl-ruby (1.1.0)
    yard (0.8.3)
    yuicompressor (1.2.0)

PLATFORMS
  ruby

DEPENDENCIES
  RedCloth
  adsf
  bluecloth
  builder
  coderay
  coffee-script
  erubis
  fog
  haml
  kramdown
  less (~> 2.0)
  listen
  markaby
  maruku
  mime-types
  minitest
  mocha
  mustache
  nanoc!
  nokogiri (~> 1.5.5)
  pygments.rb
  rack
  rainpress
  rake
  rdiscount
  rdoc
  redcarpet
  rubypants
  sass (~> 3.1)
  slim
  systemu
  typogruby
  uglifier
  w3c_validators
  yard
  yuicompressor
