PATH
  remote: .
  specs:
    nanoc (3.5.0)
      cri (~> 2.2)

GEM
  remote: http://rubygems.org/
  specs:
    RedCloth (4.2.9)
    adsf (1.1.1)
      rack (>= 1.0.0)
    blankslate (2.1.2.4)
    bluecloth (2.2.0)
    builder (3.0.0)
    coderay (1.0.7)
    coffee-script (2.2.0)
      coffee-script-source
      execjs
    coffee-script-source (1.3.3)
    colored (1.2)
    commonjs (0.2.6)
    cri (2.3.0)
      colored (>= 1.2)
    erubis (2.7.0)
    excon (0.15.5)
    execjs (1.4.0)
      multi_json (~> 1.0)
    ffi (1.0.11)
    fog (1.5.0)
      builder
      excon (~> 0.14)
      formatador (~> 0.2.0)
      mime-types
      multi_json (~> 1.0)
      net-scp (~> 1.0.4)
      net-ssh (>= 2.1.3)
      nokogiri (~> 1.5.0)
      ruby-hmac
    formatador (0.2.3)
    haml (3.1.6)
    json (1.7.4)
    kramdown (0.13.7)
    less (2.2.1)
      commonjs (~> 0.2.6)
    listen (0.4.7)
      rb-fchange (~> 0.0.5)
      rb-fsevent (~> 0.9.1)
      rb-inotify (~> 0.8.8)
    markaby (0.7.2)
      builder (>= 2.0.0)
    maruku (0.6.0)
      syntax (>= 1.0.0)
    metaclass (0.0.1)
    mime-types (1.19)
    minitest (3.3.0)
    mocha (0.12.3)
      metaclass (~> 0.0.1)
    multi_json (1.3.6)
    mustache (0.99.4)
    net-scp (1.0.4)
      net-ssh (>= 1.99.1)
    net-ssh (2.5.2)
    nokogiri (1.5.5)
    pygments.rb (0.2.13)
      rubypython (~> 0.5.3)
    rack (1.4.1)
    rainpress (1.0)
    rake (0.9.2.2)
    rb-fchange (0.0.5)
      ffi
    rb-fsevent (0.9.1)
    rb-inotify (0.8.8)
      ffi (>= 0.5.0)
    rdiscount (1.6.8)
    rdoc (3.12)
      json (~> 1.4)
    redcarpet (2.1.1)
    ruby-hmac (0.4.0)
    rubypants (0.2.0)
    rubypython (0.5.3)
      blankslate (>= 2.1.2.3)
      ffi (~> 1.0.7)
    sass (3.2.0)
    slim (1.2.2)
      temple (~> 0.4.0)
      tilt (~> 1.3.3)
    syntax (1.0.0)
    systemu (2.5.2)
    temple (0.4.0)
    tilt (1.3.3)
    typogruby (1.0.15)
      rubypants
    uglifier (1.2.7)
      execjs (>= 0.3.0)
      multi_json (~> 1.3)
    w3c_validators (1.2)
      json
      nokogiri
    yard (0.8.2.1)
    yuicompressor (1.2.0)

PLATFORMS
  ruby

DEPENDENCIES
  RedCloth
  adsf
  bluecloth
  builder
  coderay
  coffee-script
  erubis
  fog
  haml
  kramdown
  less (~> 2.0)
  listen
  markaby
  maruku
  mime-types
  minitest
  mocha
  mustache
  nanoc!
  nokogiri
  pygments.rb
  rack
  rainpress
  rake
  rdiscount
  rdoc
  redcarpet
  rubypants
  sass (~> 3.1)
  slim
  systemu
  typogruby
  uglifier
  w3c_validators
  yard
  yuicompressor
